PATH
  remote: .
  specs:
    rox (0.1.0)

GEM
  remote: https://rubygems.org/
  specs:
    coderay (1.1.3)
    language_server-protocol (3.16.0.3)
    method_source (1.0.0)
    prettier_print (0.1.0)
    pry (0.14.1)
      coderay (~> 1.1)
      method_source (~> 1.0)
    rake (13.0.6)
    ruby-lsp (0.2.3)
      language_server-protocol
      sorbet-runtime
      syntax_tree (>= 2.4)
    sorbet (0.5.10346)
      sorbet-static (= 0.5.10346)
    sorbet-runtime (0.5.10354)
    sorbet-static (0.5.10346-universal-darwin-21)
    syntax_tree (3.4.0)
      prettier_print

PLATFORMS
  x86_64-darwin-21

DEPENDENCIES
  pry
  rake (~> 13.0)
  rox!
  ruby-lsp
  sorbet
  sorbet-runtime

BUNDLED WITH
   2.3.14
