PATH
  remote: .
  specs:
    rox (0.1.0)

GEM
  remote: https://rubygems.org/
  specs:
    ansi (1.5.0)
    builder (3.2.4)
    language_server-protocol (3.16.0.3)
    minitest (5.16.3)
    minitest-reporters (1.5.0)
      ansi
      builder
      minitest (>= 5.0)
      ruby-progressbar
    prettier_print (0.1.0)
    rake (13.0.6)
    ruby-lsp (0.2.3)
      language_server-protocol
      sorbet-runtime
      syntax_tree (>= 2.4)
    ruby-progressbar (1.11.0)
    sorbet (0.5.10346)
      sorbet-static (= 0.5.10346)
    sorbet-runtime (0.5.10354)
    sorbet-static (0.5.10346-universal-darwin-21)
    syntax_tree (3.4.0)
      prettier_print

PLATFORMS
  x86_64-darwin-21

DEPENDENCIES
  minitest (>= 5.8)
  minitest-reporters (>= 1.1)
  rake (~> 13.0)
  rox!
  ruby-lsp
  sorbet
  sorbet-runtime

BUNDLED WITH
   2.3.14
